GEM
  remote: https://rubygems.org/
  specs:
    ast (2.4.2)
    chronic (0.10.2)
    concurrent-ruby (1.2.0)
    date (3.3.3)
    debase (0.2.5.beta2)
      debase-ruby_core_source (>= 0.10.12)
    debase-ruby_core_source (3.2.0)
    i18n (1.12.0)
      concurrent-ruby (~> 1.0)
    json (2.6.3)
    nokogiri (1.14.2-x86_64-linux)
      racc (~> 1.4)
    open-uri (0.3.0)
      stringio
      time
      uri
    parallel (1.22.1)
    parser (3.2.1.0)
      ast (~> 2.4.1)
    racc (1.6.2)
    rainbow (3.1.1)
    rake (13.0.6)
    regexp_parser (2.7.0)
    rexml (3.2.5)
    rubocop (1.45.1)
      json (~> 2.3)
      parallel (~> 1.10)
      parser (>= 3.2.0.0)
      rainbow (>= 2.2.2, < 4.0)
      regexp_parser (>= 1.8, < 3.0)
      rexml (>= 3.2.5, < 4.0)
      rubocop-ast (>= 1.24.1, < 2.0)
      ruby-progressbar (~> 1.7)
      unicode-display_width (>= 2.4.0, < 3.0)
    rubocop-ast (1.26.0)
      parser (>= 3.2.1.0)
    rubocop-performance (1.16.0)
      rubocop (>= 1.7.0, < 2.0)
      rubocop-ast (>= 0.4.0)
    ruby-debug-ide (0.7.3)
      rake (>= 0.8.1)
    ruby-progressbar (1.11.0)
    rubyzip (2.3.2)
    selenium-webdriver (4.8.0)
      rexml (~> 3.2, >= 3.2.5)
      rubyzip (>= 1.2.2, < 3.0)
      websocket (~> 1.0)
    stringio (3.0.5)
    time (0.2.1)
      date
    unicode-display_width (2.4.2)
    uri (0.12.0)
    webdrivers (5.2.0)
      nokogiri (~> 1.6)
      rubyzip (>= 1.3.0)
      selenium-webdriver (~> 4.0)
    websocket (1.2.9)
    whenever (1.0.0)
      chronic (>= 0.6.3)

PLATFORMS
  x86_64-linux

DEPENDENCIES
  debase (>= 0.2.5.beta2)
  i18n
  open-uri
  rubocop
  rubocop-performance
  ruby-debug-ide
  webdrivers
  whenever

RUBY VERSION
   ruby 3.1.3p185

BUNDLED WITH
   2.4.6
